GEM
  remote: http://rubygems.org/
  specs:
    enumerating (1.1.0)

PLATFORMS
  ruby

DEPENDENCIES
  enumerating
