GEM
  remote: http://rubygems.org/
  specs:
    adsf (1.0.1)
      rack (>= 1.0.0)
    clamp (0.1.8)
    daemons (1.1.3)
    diff-lcs (1.1.2)
    enumerating (1.1.0)
    eventmachine (0.12.10)
    pith (0.1.1)
      adsf (~> 1.0.1)
      clamp (~> 0.1.7)
      rack (~> 1.2.1)
      thin (~> 1.2.7)
      tilt (~> 1.1)
    rack (1.2.3)
    rake (0.8.7)
    rspec (2.5.0)
      rspec-core (~> 2.5.0)
      rspec-expectations (~> 2.5.0)
      rspec-mocks (~> 2.5.0)
    rspec-core (2.5.2)
    rspec-expectations (2.5.0)
      diff-lcs (~> 1.1.2)
    rspec-mocks (2.5.0)
    thin (1.2.11)
      daemons (>= 1.0.9)
      eventmachine (>= 0.12.6)
      rack (>= 1.0.0)
    tilt (1.3)

PLATFORMS
  ruby

DEPENDENCIES
  enumerating
  pith
  rake
  rspec
