GEM
  remote: https://rubygems.org/
  specs:
    clamp (1.0.0)
    coderay (1.1.1)
    daemons (1.2.3)
    diff-lcs (1.2.5)
    enumerating (1.2.1)
    eventmachine (1.2.0.1)
    ffi (1.9.10)
    haml (4.0.7)
      tilt
    lazily (0.2.1)
    listen (1.3.1)
      rb-fsevent (>= 0.9.3)
      rb-inotify (>= 0.9)
      rb-kqueue (>= 0.2)
    method_source (0.8.2)
    pith (0.4.0)
      clamp (>= 0.3.0)
      listen (~> 1.2)
      rack (>= 1.2.1)
      rack-livejs (>= 0.2.1)
      thin (>= 1.2.7)
      tilt (~> 1.3)
    pry (0.10.3)
      coderay (~> 1.1.0)
      method_source (~> 0.8.1)
      slop (~> 3.4)
    rack (1.6.4)
    rack-livejs (0.2.1)
      rack
    rake (11.1.2)
    rb-fsevent (0.9.7)
    rb-inotify (0.9.7)
      ffi (>= 0.5.0)
    rb-kqueue (0.2.4)
      ffi (>= 0.5.0)
    rspec (3.4.0)
      rspec-core (~> 3.4.0)
      rspec-expectations (~> 3.4.0)
      rspec-mocks (~> 3.4.0)
    rspec-core (3.4.4)
      rspec-support (~> 3.4.0)
    rspec-expectations (3.4.0)
      diff-lcs (>= 1.2.0, < 2.0)
      rspec-support (~> 3.4.0)
    rspec-mocks (3.4.1)
      diff-lcs (>= 1.2.0, < 2.0)
      rspec-support (~> 3.4.0)
    rspec-support (3.4.1)
    sass (3.4.22)
    slop (3.6.0)
    thin (1.6.4)
      daemons (~> 1.0, >= 1.0.9)
      eventmachine (~> 1.0, >= 1.0.4)
      rack (~> 1.0)
    tilt (1.4.1)

PLATFORMS
  ruby

DEPENDENCIES
  enumerating
  haml
  lazily
  pith
  pry
  rake
  rspec
  sass

BUNDLED WITH
   1.12.3
