GEM
  remote: https://rubygems.org/
  specs:
    clamp (1.3.0)
    coderay (1.1.1)
    daemons (1.3.1)
    diff-lcs (1.2.5)
    eventmachine (1.2.7)
    ffi (1.11.1)
    haml (5.0.0)
      temple (>= 0.8.0)
      tilt
    lazily (0.2.1)
    listen (3.1.5)
      rb-fsevent (~> 0.9, >= 0.9.4)
      rb-inotify (~> 0.9, >= 0.9.7)
      ruby_dep (~> 1.2)
    method_source (0.8.2)
    pith (0.5.1)
      clamp (>= 1.2.1)
      listen (>= 3.1)
      rack (>= 2.0)
      rack-livejs (>= 0.2.1)
      thin (>= 1.7.0)
      tilt (~> 2.0)
    pry (0.10.3)
      coderay (~> 1.1.0)
      method_source (~> 0.8.1)
      slop (~> 3.4)
    rack (2.2.3)
    rack-livejs (0.2.1)
      rack
    rake (12.3.3)
    rb-fsevent (0.10.3)
    rb-inotify (0.10.0)
      ffi (~> 1.0)
    rspec (3.4.0)
      rspec-core (~> 3.4.0)
      rspec-expectations (~> 3.4.0)
      rspec-mocks (~> 3.4.0)
    rspec-core (3.4.4)
      rspec-support (~> 3.4.0)
    rspec-expectations (3.4.0)
      diff-lcs (>= 1.2.0, < 2.0)
      rspec-support (~> 3.4.0)
    rspec-mocks (3.4.1)
      diff-lcs (>= 1.2.0, < 2.0)
      rspec-support (~> 3.4.0)
    rspec-support (3.4.1)
    ruby_dep (1.5.0)
    sass (3.4.22)
    slop (3.6.0)
    temple (0.8.2)
    thin (1.7.2)
      daemons (~> 1.0, >= 1.0.9)
      eventmachine (~> 1.0, >= 1.0.4)
      rack (>= 1, < 3)
    tilt (2.0.10)

PLATFORMS
  ruby

DEPENDENCIES
  haml
  lazily
  pith
  pry
  rake
  rspec
  sass

BUNDLED WITH
   1.17.3
